GEM
  remote: https://rubygems.org/
  specs:
    arr-pm (0.0.9)
      cabin (> 0)
    backports (2.6.2)
    bunchr (0.1.5)
      fpm (= 0.4.26)
      ohai
      rake (>= 0.8.7)
      systemu
    cabin (0.4.4)
      json
    clamp (0.3.1)
    fpm (0.4.26)
      arr-pm (~> 0.0.7)
      backports (= 2.6.2)
      cabin (~> 0.4.3)
      clamp (= 0.3.1)
      json (= 1.6.6)
    ipaddress (0.8.0)
    json (1.6.6)
    mixlib-cli (1.5.0)
    mixlib-config (2.1.0)
    mixlib-log (1.6.0)
    ohai (6.14.0)
      ipaddress
      mixlib-cli
      mixlib-config
      mixlib-log
      systemu
      yajl-ruby
    rake (10.3.2)
    systemu (2.5.2)
    yajl-ruby (1.2.1)

PLATFORMS
  ruby

DEPENDENCIES
  bunchr
  ohai (= 6.14.0)
  systemu (= 2.5.2)
